PATH
  remote: .
  specs:
    author_module (0.2.5)

GEM
  remote: http://rubygems.org/
  specs:

PLATFORMS
  ruby

DEPENDENCIES
  author_module!
