PATH
  remote: .
  specs:
    author_somebook (0.0.1)

GEM
  remote: http://rubygems.org/
  specs:

PLATFORMS
  ruby

DEPENDENCIES
  author_somebook!
