PATH
  remote: .
  specs:
    author_module (0.4.0)

GEM
  remote: http://rubygems.org/
  specs:

PLATFORMS
  ruby

DEPENDENCIES
  author_module!
